PATH
  remote: .
  specs:
    rack-cas-rails (0.0.1)
      rack-cas (~> 0.9.2)

GEM
  remote: https://rubygems.org/
  specs:
    addressable (2.3.6)
    mini_portile (0.6.2)
    nokogiri (1.6.6.2)
      mini_portile (~> 0.6.0)
    rack (1.6.0)
    rack-cas (0.9.2)
      addressable (~> 2.3)
      nokogiri (~> 1.5)
      rack (~> 1.3)
    yard (0.8.7.6)

PLATFORMS
  ruby

DEPENDENCIES
  rack-cas-rails!
  yard
